GEM
  remote: http://rubygems.org/
  specs:
    abstract (1.0.0)
    erubis (2.6.6)
      abstract (>= 1.0.0)
    hpricot (0.8.4)
    rack (1.2.2)
    sinatra (1.2.0)
      rack (~> 1.1)
      tilt (< 2.0, >= 1.2.2)
    tilt (1.2.2)

PLATFORMS
  ruby

DEPENDENCIES
  erubis
  hpricot
  sinatra
